GEM
  remote: https://rubygems.org/
  specs:
    csv (3.0.4)
    httparty (0.11.0)
      multi_json (~> 1.0)
      multi_xml (>= 0.5.2)
    minitest (5.11.3)
    multi_json (1.12.2)
    multi_xml (0.5.5)
    rake (12.3.2)
    rubyzip (1.1.6)

PLATFORMS
  ruby

DEPENDENCIES
  csv
  httparty
  minitest
  multi_json
  rake
  rubyzip (>= 1.0.0)

BUNDLED WITH
   1.16.1
